GEM
  remote: https://rubygems.org/
  specs:
    colored (1.2)
    metaclass (0.0.2)
    minitest (5.2.2)
    mocha (1.0.0)
      metaclass (~> 0.0.1)
    parallel (0.9.2)
    rake (10.1.1)

PLATFORMS
  ruby

DEPENDENCIES
  colored
  minitest
  mocha
  parallel
  rake
